GEM
  remote: http://rubygems.org/
  remote: http://gems.github.com/
  specs:
    actionmailer (2.3.9)
      actionpack (= 2.3.9)
    actionpack (2.3.9)
      activesupport (= 2.3.9)
      rack (~> 1.1.0)
    activerecord (2.3.9)
      activesupport (= 2.3.9)
    activeresource (2.3.9)
      activesupport (= 2.3.9)
    activesupport (2.3.9)
    builder (3.0.0)
    columnize (0.3.2)
    configatron (2.6.4)
      yamler (>= 0.1.0)
    crack (0.1.8)
    daemons (1.1.0)
    eventmachine (0.12.10)
    haml (3.0.25)
    hashie (0.4.0)
    hoptoad_notifier (2.4.6)
      activesupport
      builder
    httparty (0.6.1)
      crack (= 0.1.8)
    json (1.4.6)
    linecache (0.43)
    multi_json (0.0.5)
    mysql (2.8.1)
    oauth (0.4.4)
    oauth-plugin (0.3.14)
      oauth (>= 0.3.5)
    pit (0.0.6)
    rack (1.1.0)
    rails (2.3.9)
      actionmailer (= 2.3.9)
      actionpack (= 2.3.9)
      activerecord (= 2.3.9)
      activeresource (= 2.3.9)
      activesupport (= 2.3.9)
      rake (>= 0.8.3)
    rake (0.8.7)
    rspec (1.3.1)
    rspec-rails (1.3.3)
      rack (>= 1.0.0)
      rspec (= 1.3.1)
    ruby-debug (0.10.4)
      columnize (>= 0.1)
      ruby-debug-base (~> 0.10.4.0)
    ruby-debug-base (0.10.4)
      linecache (>= 0.3)
    searchlogic (2.4.27)
      activerecord (>= 2.0.0)
    spork (0.8.4)
    sqlite3-ruby (1.3.1)
    thin (1.2.7)
      daemons (>= 1.0.9)
      eventmachine (>= 0.12.6)
      rack (>= 1.0.0)
    twitter (0.9.12)
      hashie (~> 0.4.0)
      httparty (~> 0.6.1)
      multi_json (~> 0.0.4)
      oauth (~> 0.4.3)
    yamler (0.1.0)

PLATFORMS
  ruby

DEPENDENCIES
  configatron
  haml
  hoptoad_notifier
  json
  mysql
  oauth
  oauth-plugin
  pit
  rails (= 2.3.9)
  rspec (= 1.3.1)
  rspec-rails (= 1.3.3)
  ruby-debug
  searchlogic (>= 2.3.8)
  spork
  sqlite3-ruby
  thin
  twitter (= 0.9.12)
