GEM
  remote: http://rubygems.org/
  remote: http://gems.github.com/
  specs:
    aaronh-chronic (0.3.9)
    actionmailer (2.3.9)
      actionpack (= 2.3.9)
    actionpack (2.3.9)
      activesupport (= 2.3.9)
      rack (~> 1.1.0)
    activerecord (2.3.9)
      activesupport (= 2.3.9)
    activeresource (2.3.9)
      activesupport (= 2.3.9)
    activesupport (2.3.9)
    addressable (2.2.6)
    builder (3.0.0)
    columnize (0.3.2)
    configatron (2.6.4)
      yamler (>= 0.1.0)
    daemons (1.1.0)
    eventmachine (0.12.10)
    faraday (0.6.1)
      addressable (~> 2.2.4)
      multipart-post (~> 1.1.0)
      rack (< 2, >= 1.1.0)
    faraday_middleware (0.6.5)
      faraday (~> 0.6.0)
    haml (3.0.25)
    hashie (1.0.0)
    hoptoad_notifier (2.4.6)
      activesupport
      builder
    json (1.4.6)
    linecache (0.43)
    multi_json (1.0.3)
    multi_xml (0.2.2)
    multipart-post (1.1.3)
    mysql (2.8.1)
    oauth (0.4.5)
    oauth-plugin (0.3.14)
      oauth (>= 0.3.5)
    pit (0.0.6)
    rack (1.1.0)
    rails (2.3.9)
      actionmailer (= 2.3.9)
      actionpack (= 2.3.9)
      activerecord (= 2.3.9)
      activeresource (= 2.3.9)
      activesupport (= 2.3.9)
      rake (>= 0.8.3)
    rake (0.8.7)
    rspec (1.3.1)
    rspec-rails (1.3.3)
      rack (>= 1.0.0)
      rspec (= 1.3.1)
    ruby-debug (0.10.4)
      columnize (>= 0.1)
      ruby-debug-base (~> 0.10.4.0)
    ruby-debug-base (0.10.4)
      linecache (>= 0.3)
    searchlogic (2.4.27)
      activerecord (>= 2.0.0)
    simple_oauth (0.1.5)
    spork (0.8.4)
    thin (1.2.7)
      daemons (>= 1.0.9)
      eventmachine (>= 0.12.6)
      rack (>= 1.0.0)
    twitter (1.6.0)
      faraday (~> 0.6.1)
      faraday_middleware (~> 0.6.3)
      hashie (~> 1.0.0)
      multi_json (~> 1.0.0)
      multi_xml (~> 0.2.0)
      simple_oauth (~> 0.1.5)
    whenever (0.6.2)
      aaronh-chronic (>= 0.3.9)
      activesupport (>= 2.3.4)
    yamler (0.1.0)

PLATFORMS
  ruby

DEPENDENCIES
  configatron
  haml
  hoptoad_notifier
  json
  mysql
  oauth
  oauth-plugin
  pit
  rails (= 2.3.9)
  rspec (= 1.3.1)
  rspec-rails (= 1.3.3)
  ruby-debug
  searchlogic (>= 2.3.8)
  spork
  thin
  twitter
  whenever (= 0.6.2)
